GEM
  remote: https://rubygems.org/
  specs:
    activesupport (5.2.4.3)
      concurrent-ruby (~> 1.0, >= 1.0.2)
      i18n (>= 0.7, < 2)
      minitest (~> 5.1)
      tzinfo (~> 1.1)
    concurrent-ruby (1.1.6)
    diff-lcs (1.2.5)
    erubis (2.7.0)
    excon (0.73.0)
    heroics (0.0.25)
      erubis (~> 2.0)
      excon
      moneta
      multi_json (>= 1.9.2)
    heroku_hatchet (3.0.4)
      excon (~> 0)
      minitest-retry (~> 0.1.9)
      platform-api (~> 2)
      repl_runner (~> 0.0.3)
      rrrretry (~> 1)
      thor (~> 0)
      threaded (~> 0)
    i18n (1.8.2)
      concurrent-ruby (~> 1.0)
    minitest (5.14.1)
    minitest-retry (0.1.9)
      minitest (>= 5.0)
    moneta (1.0.0)
    multi_json (1.14.1)
    platform-api (2.2.0)
      heroics (~> 0.0.25)
      moneta (~> 1.0.0)
    repl_runner (0.0.3)
      activesupport
    rrrretry (1.0.0)
    rspec-core (3.4.1)
      rspec-support (~> 3.4.0)
    rspec-expectations (3.4.0)
      diff-lcs (>= 1.2.0, < 2.0)
      rspec-support (~> 3.4.0)
    rspec-retry (0.4.5)
      rspec-core
    rspec-support (3.4.1)
    thor (0.20.3)
    thread_safe (0.3.6)
    threaded (0.0.4)
    tzinfo (1.2.7)
      thread_safe (~> 0.1)

PLATFORMS
  ruby

DEPENDENCIES
  heroku_hatchet (= 3.0.4)
  rspec-expectations
  rspec-retry

BUNDLED WITH
   1.17.3
